GEM
  remote: https://rubygems.org/
  specs:
    addressable (2.3.2)
    childprocess (0.3.6)
      ffi (~> 1.0, >= 1.0.6)
    commonwatir (4.0.0)
    ffi (1.3.0)
    headless (0.3.1)
    libwebsocket (0.1.7.1)
      addressable
      websocket
    multi_json (1.5.0)
    rubyzip (0.9.9)
    selenium-webdriver (2.27.2)
      childprocess (>= 0.2.5)
      libwebsocket (~> 0.1.3)
      multi_json (~> 1.0)
      rubyzip
    watir (4.0.2)
      commonwatir (~> 4)
      watir-webdriver
    watir-webdriver (0.6.2)
      selenium-webdriver (>= 2.18.0)
    websocket (1.0.6)

PLATFORMS
  ruby

DEPENDENCIES
  headless
  watir
